GEM
  remote: https://ruby.taobao.org/
  specs:
    haml (4.0.7)
      tilt
    pg (0.18.2)
    poseidon (0.0.5)
    rack (1.6.4)
    rack-protection (1.5.3)
      rack
    rake (10.4.2)
    require_all (1.3.2)
    sequel (4.25.0)
    sinatra (1.4.6)
      rack (~> 1.4)
      rack-protection (~> 1.4)
      tilt (>= 1.3, < 3)
    tilt (2.0.1)

PLATFORMS
  ruby

DEPENDENCIES
  haml
  pg
  poseidon
  rake
  require_all
  sequel
  sinatra

BUNDLED WITH
   1.10.6
